GEM
  remote: https://rubygems.org/
  specs:
    diff-lcs (1.2.5)
    erubis (2.7.0)
    redcarpet (3.2.2)
    rspec (3.2.0)
      rspec-core (~> 3.2.0)
      rspec-expectations (~> 3.2.0)
      rspec-mocks (~> 3.2.0)
    rspec-core (3.2.0)
      rspec-support (~> 3.2.0)
    rspec-expectations (3.2.0)
      diff-lcs (>= 1.2.0, < 2.0)
      rspec-support (~> 3.2.0)
    rspec-mocks (3.2.0)
      diff-lcs (>= 1.2.0, < 2.0)
      rspec-support (~> 3.2.0)
    rspec-support (3.2.1)
    tilt (2.0.1)

PLATFORMS
  ruby

DEPENDENCIES
  erubis
  redcarpet
  rspec
  tilt
