GEM
  remote: https://rubygems.org/
  specs:
    erubis (2.7.0)
    fileutils (0.7)
    redcarpet (3.2.2)

PLATFORMS
  ruby

DEPENDENCIES
  erubis
  fileutils
  redcarpet
