GEM
  remote: https://rubygems.org/
  specs:
    codeclimate-test-reporter (0.4.6)
      simplecov (>= 0.7.1, < 1.0.0)
    docile (1.1.5)
    erubis (2.7.0)
    minitest (5.7.0)
    multi_json (1.10.1)
    rake (10.4.2)
    redcarpet (3.2.2)
    simplecov (0.9.2)
      docile (~> 1.1.0)
      multi_json (~> 1.0)
      simplecov-html (~> 0.9.0)
    simplecov-html (0.9.0)
    tilt (2.0.1)

PLATFORMS
  ruby

DEPENDENCIES
  codeclimate-test-reporter
  erubis
  minitest
  rake
  redcarpet
  tilt
